GEM
  remote: https://rubygems.org/
  specs:
    base64 (0.2.0)
    mini_portile2 (2.8.8)
    mustermann (3.0.3)
      ruby2_keywords (~> 0.0.1)
    nio4r (2.7.4)
    puma (5.6.9)
      nio4r (~> 2.0)
    rack (2.2.10)
    rack-protection (3.2.0)
      base64 (>= 0.1.0)
      rack (~> 2.2, >= 2.2.4)
    rack-rewrite (1.5.1)
    ruby2_keywords (0.0.5)
    sd_notify (0.1.1)
    sinatra (3.2.0)
      mustermann (~> 3.0)
      rack (~> 2.2, >= 2.2.4)
      rack-protection (= 3.2.0)
      tilt (~> 2.0)
    sinatra-cross_origin (0.4.0)
    sqlite3 (1.7.3)
      mini_portile2 (~> 2.8.0)
    tilt (2.4.0)

PLATFORMS
  ruby

DEPENDENCIES
  puma (~> 5.6)
  rack-rewrite (~> 1.5)
  sd_notify (~> 0.1.1)
  sinatra (~> 3.0)
  sinatra-cross_origin
  sqlite3 (~> 1.4)

BUNDLED WITH
   2.2.30
